GEM
  remote: https://rubygems.org/
  specs:
    minitest (5.8.4)
    minitest-spec-expect (2.0.0)
      minitest (~> 5.0)

PLATFORMS
  x86-mingw32

DEPENDENCIES
  minitest-spec-expect

BUNDLED WITH
   1.11.2
